GEM
  remote: https://rubygems.org/
  specs:
    addressable (2.5.2)
      public_suffix (>= 2.0.2, < 4.0)
    coderay (1.1.2)
    colorator (1.1.0)
    em-websocket (0.5.1)
      eventmachine (>= 0.12.9)
      http_parser.rb (~> 0.6.0)
    eventmachine (1.2.5)
    eventmachine (1.2.5-x64-mingw32)
    eventmachine (1.2.5-x86-mingw32)
    ffi (1.9.18)
    ffi (1.9.18-x64-mingw32)
    ffi (1.9.18-x86-mingw32)
    formatador (0.2.5)
    forwardable-extended (2.6.0)
    guard (2.14.1)
      formatador (>= 0.2.4)
      listen (>= 2.7, < 4.0)
      lumberjack (~> 1.0)
      nenv (~> 0.1)
      notiffany (~> 0.0)
      pry (>= 0.9.12)
      shellany (~> 0.0)
      thor (>= 0.18.1)
    guard-compat (1.2.1)
    guard-livereload (2.5.2)
      em-websocket (~> 0.5)
      guard (~> 2.8)
      guard-compat (~> 1.0)
      multi_json (~> 1.8)
    http_parser.rb (0.6.0)
    jekyll (3.6.2)
      addressable (~> 2.4)
      colorator (~> 1.0)
      jekyll-sass-converter (~> 1.0)
      jekyll-watch (~> 1.1)
      kramdown (~> 1.14)
      liquid (~> 4.0)
      mercenary (~> 0.3.3)
      pathutil (~> 0.9)
      rouge (>= 1.7, < 3)
      safe_yaml (~> 1.0)
    jekyll-sass-converter (1.5.1)
      sass (~> 3.4)
    jekyll-sitemap (1.1.1)
      jekyll (~> 3.3)
    jekyll-watch (1.5.1)
      listen (~> 3.0)
    kramdown (1.16.2)
    liquid (4.0.0)
    listen (3.1.5)
      rb-fsevent (~> 0.9, >= 0.9.4)
      rb-inotify (~> 0.9, >= 0.9.7)
      ruby_dep (~> 1.2)
    lumberjack (1.0.12)
    mercenary (0.3.6)
    method_source (0.9.0)
    multi_json (1.12.2)
    nenv (0.3.0)
    notiffany (0.1.1)
      nenv (~> 0.1)
      shellany (~> 0.0)
    octopress (3.0.11)
      jekyll (>= 2.0)
      mercenary (~> 0.3.2)
      octopress-deploy
      octopress-escape-code (~> 2.0)
      octopress-hooks (~> 2.0)
      redcarpet (~> 3.0)
      titlecase
    octopress-deploy (1.3.0)
      colorator
    octopress-escape-code (2.1.1)
      jekyll (~> 3.0)
    octopress-hooks (2.6.2)
      jekyll (>= 2.0)
    pathutil (0.16.1)
      forwardable-extended (~> 2.6)
    pry (0.11.3)
      coderay (~> 1.1.0)
      method_source (~> 0.9.0)
    public_suffix (3.0.1)
    rb-fsevent (0.10.2)
    rb-inotify (0.9.10)
      ffi (>= 0.5.0, < 2)
    redcarpet (3.4.0)
    rouge (2.2.1)
    ruby_dep (1.5.0)
    safe_yaml (1.0.4)
    sass (3.5.4)
      sass-listen (~> 4.0.0)
    sass-listen (4.0.0)
      rb-fsevent (~> 0.9, >= 0.9.4)
      rb-inotify (~> 0.9, >= 0.9.7)
    shellany (0.0.1)
    thor (0.20.0)
    titlecase (0.1.1)

PLATFORMS
  ruby
  x64-mingw32
  x86-mingw32

DEPENDENCIES
  guard
  guard-livereload
  jekyll
  jekyll-sitemap
  octopress (~> 3.0)

BUNDLED WITH
   1.16.1
